GEM
  remote: https://rubygems.org/
  specs:
    database_cleaner-core (2.0.1)
    database_cleaner-sequel (2.0.0)
      database_cleaner-core (~> 2.0.0)
      sequel
    diff-lcs (1.4.4)
    dotenv (2.7.6)
    json (2.5.1)
    mysql2 (0.5.3)
    nanoid (2.0.0)
    rack (2.2.3)
    rspec (3.10.0)
      rspec-core (~> 3.10.0)
      rspec-expectations (~> 3.10.0)
      rspec-mocks (~> 3.10.0)
    rspec-core (3.10.1)
      rspec-support (~> 3.10.0)
    rspec-expectations (3.10.1)
      diff-lcs (>= 1.2.0, < 2.0)
      rspec-support (~> 3.10.0)
    rspec-mocks (3.10.2)
      diff-lcs (>= 1.2.0, < 2.0)
      rspec-support (~> 3.10.0)
    rspec-support (3.10.2)
    sequel (5.47.0)

PLATFORMS
  x64-mingw32

DEPENDENCIES
  database_cleaner-sequel
  dotenv
  json
  mysql2
  nanoid
  rack
  rspec

BUNDLED WITH
   2.2.26
